GEM
  remote: https://rubygems.org/
  specs:
    ast (2.4.1)
    docile (1.3.2)
    parallel (1.19.2)
    parser (2.7.2.0)
      ast (~> 2.4.1)
    rainbow (3.0.0)
    regexp_parser (1.8.2)
    rexml (3.2.4)
    rubocop (1.0.0)
      parallel (~> 1.10)
      parser (>= 2.7.1.5)
      rainbow (>= 2.2.2, < 4.0)
      regexp_parser (>= 1.8)
      rexml
      rubocop-ast (>= 0.6.0)
      ruby-progressbar (~> 1.7)
      unicode-display_width (>= 1.4.0, < 2.0)
    rubocop-ast (1.1.1)
      parser (>= 2.7.1.5)
    rubocop-performance (1.8.1)
      rubocop (>= 0.87.0)
      rubocop-ast (>= 0.4.0)
    ruby-progressbar (1.10.1)
    simplecov (0.19.0)
      docile (~> 1.1)
      simplecov-html (~> 0.11)
    simplecov-html (0.12.3)
    standard (0.8.1)
      rubocop (= 1.0.0)
      rubocop-performance (= 1.8.1)
    unicode-display_width (1.7.0)

PLATFORMS
  ruby

DEPENDENCIES
  simplecov
  standard

BUNDLED WITH
   2.1.4
